GEM
  remote: https://rubygems.org/
  specs:
    sqlite3 (1.3.13)

PLATFORMS
  x86_64-darwin-18

DEPENDENCIES
  sqlite3 (~> 1.3.13)

BUNDLED WITH
   2.2.30
